GEM
  remote: https://rubygems.org/
  specs:
    colorize (0.5.8)
    mini_portile2 (2.4.0)
    nokogiri (1.10.8)
      mini_portile2 (~> 2.4.0)

PLATFORMS
  ruby

DEPENDENCIES
  colorize
  nokogiri
