GEM
  remote: https://rubygems.org/
  specs:
    colorize (0.5.8)
    nokogiri (1.5.4)

PLATFORMS
  ruby

DEPENDENCIES
  colorize
  nokogiri
